GEM
  remote: https://rubygems.org/
  specs:
    connection_pool (2.4.1)
    hiredis (0.6.3)
    redis (5.1.0)
      redis-client (>= 0.17.0)
    redis-client (0.21.0)
      connection_pool

PLATFORMS
  ruby

DEPENDENCIES
  hiredis
  redis

BUNDLED WITH
   2.4.19
