GEM
  remote: http://rubygems.org/
  specs:
    redis (3.0.2)

PLATFORMS
  ruby

DEPENDENCIES
  redis
